GEM
  remote: https://rubygems.org/
  specs:
    aws-partitions (1.53.0)
    aws-sdk-core (3.13.0)
      aws-partitions (~> 1.0)
      aws-sigv4 (~> 1.0)
      jmespath (~> 1.0)
    aws-sdk-kms (1.3.0)
      aws-sdk-core (~> 3)
      aws-sigv4 (~> 1.0)
    aws-sdk-s3 (1.8.0)
      aws-sdk-core (~> 3)
      aws-sdk-kms (~> 1)
      aws-sigv4 (~> 1.0)
    aws-sigv4 (1.0.2)
    dotenv (2.2.1)
    htmldoc (0.2.3)
    jmespath (1.3.1)
    rdiscount (2.2.0.1)

PLATFORMS
  ruby

DEPENDENCIES
  aws-sdk-s3
  dotenv
  htmldoc
  rdiscount

BUNDLED WITH
   1.16.0
